GIT
  remote: https://github.com/werner/cashaddress-ruby
  revision: f4759db43b9d0657e8533256712017dd13a0bc16
  specs:
    cashaddress (0.1.0)

PATH
  remote: .
  specs:
    keoken (0.3.0)
      bitcoin-ruby (~> 0.0.18)
      money-tree (~> 0.10.0)

GEM
  remote: https://rubygems.org/
  specs:
    addressable (2.5.2)
      public_suffix (>= 2.0.2, < 4.0)
    bitcoin-ruby (0.0.18)
    byebug (10.0.2)
    crack (0.4.3)
      safe_yaml (~> 1.0.0)
    diff-lcs (1.3)
    ffi (1.9.25)
    hashdiff (0.3.2)
    money-tree (0.10.0)
      ffi
    public_suffix (3.0.3)
    rake (12.3.2)
    rspec (3.8.0)
      rspec-core (~> 3.8.0)
      rspec-expectations (~> 3.8.0)
      rspec-mocks (~> 3.8.0)
    rspec-core (3.8.0)
      rspec-support (~> 3.8.0)
    rspec-expectations (3.8.2)
      diff-lcs (>= 1.2.0, < 2.0)
      rspec-support (~> 3.8.0)
    rspec-mocks (3.8.0)
      diff-lcs (>= 1.2.0, < 2.0)
      rspec-support (~> 3.8.0)
    rspec-support (3.8.0)
    safe_yaml (1.0.4)
    webmock (2.3.2)
      addressable (>= 2.3.6)
      crack (>= 0.3.2)
      hashdiff

PLATFORMS
  ruby

DEPENDENCIES
  bundler (~> 1.11)
  byebug (~> 10)
  cashaddress (~> 0.1.0)!
  ffi (~> 1.9)
  keoken!
  rake (~> 12)
  rspec (~> 3)
  webmock (~> 2.3)

BUNDLED WITH
   1.16.4
